PATH
  remote: vendor/engines
  specs:
    refinerycms-helps (1.0)

GEM
  remote: http://rubygems.org/
  specs:
    abstract (1.0.0)
    actionmailer (3.0.1)
      actionpack (= 3.0.1)
      mail (~> 2.2.5)
    actionpack (3.0.1)
      activemodel (= 3.0.1)
      activesupport (= 3.0.1)
      builder (~> 2.1.2)
      erubis (~> 2.6.6)
      i18n (~> 0.4.1)
      rack (~> 1.2.1)
      rack-mount (~> 0.6.12)
      rack-test (~> 0.5.4)
      tzinfo (~> 0.3.23)
    activemodel (3.0.1)
      activesupport (= 3.0.1)
      builder (~> 2.1.2)
      i18n (~> 0.4.1)
    activerecord (3.0.1)
      activemodel (= 3.0.1)
      activesupport (= 3.0.1)
      arel (~> 1.0.0)
      tzinfo (~> 0.3.23)
    activeresource (3.0.1)
      activemodel (= 3.0.1)
      activesupport (= 3.0.1)
    activesupport (3.0.1)
    acts_as_indexed (0.6.6)
    arel (1.0.1)
      activesupport (~> 3.0.0)
    authlogic (2.1.6)
      activesupport
    aws-s3 (0.6.2)
      builder
      mime-types
      xml-simple
    babosa (0.2.0)
    builder (2.1.2)
    diff-lcs (1.1.2)
    dragonfly (0.7.6)
      rack
    erubis (2.6.6)
      abstract (>= 1.0.0)
    filters_spam (0.3)
    friendly_id (3.1.7)
      babosa (~> 0.2.0)
    i18n (0.4.1)
    mail (2.2.7)
      activesupport (>= 2.3.6)
      mime-types
      treetop (>= 1.4.5)
    mime-types (1.16)
    moretea-awesome_nested_set (1.4.3.1)
      activerecord (~> 3.0.0)
    polyglot (0.3.1)
    rack (1.2.1)
    rack-cache (0.5.3)
      rack (>= 0.4)
    rack-mount (0.6.13)
      rack (>= 1.0.0)
    rack-test (0.5.6)
      rack (>= 1.0)
    rails (3.0.1)
      actionmailer (= 3.0.1)
      actionpack (= 3.0.1)
      activerecord (= 3.0.1)
      activeresource (= 3.0.1)
      activesupport (= 3.0.1)
      bundler (~> 1.0.0)
      railties (= 3.0.1)
    railties (3.0.1)
      actionpack (= 3.0.1)
      activesupport (= 3.0.1)
      rake (>= 0.8.4)
      thor (~> 0.14.0)
    rake (0.8.7)
    refinerycms (0.9.8.5)
      acts_as_indexed (~> 0.6.6)
      authlogic (~> 2.1.6)
      bundler (~> 1.0.0)
      dragonfly (~> 0.7.5)
      friendly_id (~> 3.1.6)
      moretea-awesome_nested_set (= 1.4.3.1)
      rack-cache (~> 0.5.2)
      rails (~> 3.0.0)
      truncate_html (= 0.4)
      will_paginate (~> 3.0.pre)
    refinerycms-blog (1.0.rc9)
      filters_spam (~> 0.2)
      refinerycms (>= 0.9.7.13)
    refinerycms-i18n (0.9.8.8)
      refinerycms (>= 0.9.8)
      routing-filter (~> 0.1.6)
    refinerycms-inquiries (0.9.8.10)
      filters_spam (~> 0.2)
    refinerycms-news (0.9.9.5)
      refinerycms (~> 0.9.8)
    rmagick (2.12.2)
    routing-filter (0.1.7)
      actionpack
    rspec (2.0.1)
      rspec-core (~> 2.0.1)
      rspec-expectations (~> 2.0.1)
      rspec-mocks (~> 2.0.1)
    rspec-core (2.0.1)
    rspec-expectations (2.0.1)
      diff-lcs (>= 1.1.2)
    rspec-mocks (2.0.1)
      rspec-core (~> 2.0.1)
      rspec-expectations (~> 2.0.1)
    rspec-rails (2.0.1)
      rspec (~> 2.0.0)
    sqlite3-ruby (1.3.1)
    thor (0.14.3)
    treetop (1.4.8)
      polyglot (>= 0.3.1)
    truncate_html (0.4.0)
    tzinfo (0.3.23)
    will_paginate (3.0.pre2)
    xml-simple (1.0.12)

PLATFORMS
  ruby

DEPENDENCIES
  aws-s3
  rails (= 3.0.1)
  refinerycms (~> 0.9.8.5)
  refinerycms-blog (= 1.0.rc9)
  refinerycms-helps (= 1.0)!
  refinerycms-i18n (~> 0.9.8.7)
  refinerycms-inquiries (~> 0.9.8.8)
  refinerycms-news (~> 0.9.9)
  rmagick (~> 2.12.0)
  rspec-rails (>= 2.0.0)
  sqlite3-ruby
